PATH
  remote: .
  specs:
    hivelog (0.1.0)
      elasticsearch (~> 5.0.5)

GEM
  remote: https://rubygems.org/
  specs:
    diff-lcs (1.3)
    elasticsearch (5.0.5)
      elasticsearch-api (= 5.0.5)
      elasticsearch-transport (= 5.0.5)
    elasticsearch-api (5.0.5)
      multi_json
    elasticsearch-transport (5.0.5)
      faraday
      multi_json
    faraday (0.17.1)
      multipart-post (>= 1.2, < 3)
    multi_json (1.14.1)
    multipart-post (2.1.1)
    rake (10.5.0)
    rspec (3.8.0)
      rspec-core (~> 3.8.0)
      rspec-expectations (~> 3.8.0)
      rspec-mocks (~> 3.8.0)
    rspec-core (3.8.2)
      rspec-support (~> 3.8.0)
    rspec-expectations (3.8.4)
      diff-lcs (>= 1.2.0, < 2.0)
      rspec-support (~> 3.8.0)
    rspec-mocks (3.8.1)
      diff-lcs (>= 1.2.0, < 2.0)
      rspec-support (~> 3.8.0)
    rspec-support (3.8.2)

PLATFORMS
  ruby

DEPENDENCIES
  bundler (~> 2.0)
  hivelog!
  rake (~> 10.0)
  rspec (~> 3.0)

BUNDLED WITH
   2.0.1
