PATH
  remote: .
  specs:
    hivelog (0.1.5)
      elasticsearch (~> 7.9.0)

GEM
  remote: https://rubygems.org/
  specs:
    diff-lcs (1.3)
    elasticsearch (7.9.0)
      elasticsearch-api (= 7.9.0)
      elasticsearch-transport (= 7.9.0)
    elasticsearch-api (7.9.0)
      multi_json
    elasticsearch-transport (7.9.0)
      faraday (~> 1)
      multi_json
    faraday (1.1.0)
      multipart-post (>= 1.2, < 3)
      ruby2_keywords
    multi_json (1.15.0)
    multipart-post (2.1.1)
    rake (13.0.1)
    rspec (3.8.0)
      rspec-core (~> 3.8.0)
      rspec-expectations (~> 3.8.0)
      rspec-mocks (~> 3.8.0)
    rspec-core (3.8.2)
      rspec-support (~> 3.8.0)
    rspec-expectations (3.8.4)
      diff-lcs (>= 1.2.0, < 2.0)
      rspec-support (~> 3.8.0)
    rspec-mocks (3.8.1)
      diff-lcs (>= 1.2.0, < 2.0)
      rspec-support (~> 3.8.0)
    rspec-support (3.8.2)
    ruby2_keywords (0.0.2)

PLATFORMS
  ruby

DEPENDENCIES
  bundler (~> 2.0)
  hivelog!
  rake (~> 13.0)
  rspec (~> 3.0)

BUNDLED WITH
   2.1.4
